GEM
  remote: https://rubygems.org/
  specs:
    ffi (1.15.5)

PLATFORMS
  x86_64-linux

DEPENDENCIES
  ffi (~> 1.15)

BUNDLED WITH
   2.3.14
